GEM
  remote: https://rubygems.org/
  specs:
    dotenv (2.7.6)
    influxdb-client (1.14.0)
    senec (0.3.0)

PLATFORMS
  ruby

DEPENDENCIES
  dotenv
  influxdb-client
  senec

BUNDLED WITH
   2.2.15
